GEM
  remote: https://rubygems.org/
  specs:
    nokogiri (1.13.8-x86_64-linux)
      racc (~> 1.4)
    racc (1.6.0)
    rubyzip (2.3.2)
    simple_xlsx_reader (2.0.0)
      nokogiri
      rubyzip

PLATFORMS
  x86_64-linux

DEPENDENCIES
  simple_xlsx_reader (~> 2.0)

BUNDLED WITH
   2.3.20
