GEM
  remote: https://rubygems.org/
  specs:
    caxlsx (3.2.0)
      htmlentities (~> 4.3, >= 4.3.4)
      marcel (~> 1.0)
      nokogiri (~> 1.10, >= 1.10.4)
      rubyzip (>= 1.3.0, < 3)
    htmlentities (4.3.4)
    marcel (1.0.2)
    nokogiri (1.13.10-x86_64-linux)
      racc (~> 1.4)
    racc (1.6.1)
    rubyzip (2.3.2)
    simple_xlsx_reader (2.0.0)
      nokogiri
      rubyzip

PLATFORMS
  x86_64-linux

DEPENDENCIES
  caxlsx (~> 3.2)
  simple_xlsx_reader (~> 2.0)

BUNDLED WITH
   2.3.20
